GIT
  remote: http://github.com/ujifgc/carrierwave-datamapper.git
  revision: ca65ff04916b7aa18576a28139685056915056bf
  specs:
    carrierwave-datamapper (0.2.0)
      carrierwave (~> 0.5.6)
      dm-core (~> 1.1)

GIT
  remote: http://github.com/ujifgc/padrino-framework.git
  revision: ae953e567fdc804c10bf8d3b236c32cbf9e1bac9
  specs:
    padrino (0.10.6.c)
      padrino-admin (= 0.10.6.c)
      padrino-cache (= 0.10.6.c)
      padrino-core (= 0.10.6.c)
      padrino-gen (= 0.10.6.c)
      padrino-helpers (= 0.10.6.c)
      padrino-mailer (= 0.10.6.c)
    padrino-admin (0.10.6.c)
      padrino-core (= 0.10.6.c)
      padrino-helpers (= 0.10.6.c)
    padrino-cache (0.10.6.c)
      padrino-core (= 0.10.6.c)
    padrino-core (0.10.6.c)
      activesupport (~> 3.2.0)
      http_router (~> 0.10.2)
      sinatra (~> 1.3.1)
      thor (~> 0.14.3)
      tilt (~> 1.3.0)
    padrino-gen (0.10.6.c)
      bundler (~> 1.0)
      padrino-core (= 0.10.6.c)
    padrino-helpers (0.10.6.c)
      i18n (~> 0.6)
      padrino-core (= 0.10.6.c)
    padrino-mailer (0.10.6.c)
      mail (~> 2.3.0)
      padrino-core (= 0.10.6.c)

GIT
  remote: http://github.com/ujifgc/redcarpet.git
  revision: 951bd6d43b37ae8b3303497f8f2a47ba994bba27
  specs:
    redcarpet (2.0.0b5)

GEM
  remote: http://rubygems.org/
  specs:
    activesupport (3.2.1)
      i18n (~> 0.6)
      multi_json (~> 1.0)
    addressable (2.2.7)
    bcrypt-ruby (3.0.1)
    carrierwave (0.5.8)
      activesupport (~> 3.0)
    data_objects (0.10.8)
      addressable (~> 2.1)
    dm-aggregates (1.2.0)
      dm-core (~> 1.2.0)
    dm-constraints (1.2.0)
      dm-core (~> 1.2.0)
    dm-core (1.2.0)
      addressable (~> 2.2.6)
    dm-do-adapter (1.2.0)
      data_objects (~> 0.10.6)
      dm-core (~> 1.2.0)
    dm-migrations (1.2.0)
      dm-core (~> 1.2.0)
    dm-mysql-adapter (1.2.0)
      dm-do-adapter (~> 1.2.0)
      do_mysql (~> 0.10.6)
    dm-timestamps (1.2.0)
      dm-core (~> 1.2.0)
    dm-types (1.2.1)
      bcrypt-ruby (~> 3.0.0)
      dm-core (~> 1.2.0)
      fastercsv (~> 1.5.4)
      json (~> 1.6.1)
      multi_json (~> 1.0.3)
      stringex (~> 1.3.0)
      uuidtools (~> 2.1.2)
    dm-validations (1.2.0)
      dm-core (~> 1.2.0)
    do_mysql (0.10.8)
      data_objects (= 0.10.8)
    fastercsv (1.5.4)
    haml (3.1.4)
    hike (1.2.1)
    http_router (0.10.2)
      rack (>= 1.0.0)
      url_mount (~> 0.2.1)
    i18n (0.6.0)
    json (1.6.5)
    mail (2.3.0)
      i18n (>= 0.4.0)
      mime-types (~> 1.16)
      treetop (~> 1.4.8)
    mime-types (1.17.2)
    mini_magick (3.4)
      subexec (~> 0.2.1)
    multi_json (1.0.4)
    padrino-sprockets (0.0.1)
      sprockets
    polyglot (0.3.3)
    rack (1.4.1)
    rack-protection (1.2.0)
      rack
    rake (0.9.2.2)
    russian (0.6.0)
      i18n (>= 0.5.0)
    sinatra (1.3.2)
      rack (~> 1.3, >= 1.3.6)
      rack-protection (~> 1.2)
      tilt (~> 1.3, >= 1.3.3)
    sinatra-flash (0.3.0)
      sinatra (>= 1.0.0)
    sprockets (2.3.1)
      hike (~> 1.2)
      multi_json (~> 1.0)
      rack (~> 1.0)
      tilt (~> 1.1, != 1.3.0)
    stringex (1.3.2)
    subexec (0.2.1)
    thor (0.14.6)
    tilt (1.3.3)
    treetop (1.4.10)
      polyglot
      polyglot (>= 0.3.1)
    url_mount (0.2.1)
      rack
    uuidtools (2.1.2)

PLATFORMS
  ruby

DEPENDENCIES
  bcrypt-ruby
  carrierwave
  carrierwave-datamapper!
  dm-aggregates
  dm-constraints
  dm-core (~> 1.2.0)
  dm-migrations
  dm-mysql-adapter
  dm-timestamps
  dm-types (~> 1.2.0)
  dm-validations
  haml
  mini_magick
  padrino!
  padrino-sprockets
  rake
  redcarpet!
  russian
  sinatra-flash
  sprockets
