GIT
  remote: http://github.com/ujifgc/dm-redis-adapter.git
  revision: b4ada87a5804778d33b8d3332e20153142c8779e
  specs:
    dm-redis-adapter (1.3.0)
      dm-core (~> 1.2.0)

GIT
  remote: http://github.com/ujifgc/padrino-framework.git
  revision: 92d2b0787b42282482a67d78ed4eea2ce93fdece
  specs:
    padrino (0.10.6.b)
      padrino-admin (= 0.10.6.b)
      padrino-cache (= 0.10.6.b)
      padrino-core (= 0.10.6.b)
      padrino-gen (= 0.10.6.b)
      padrino-helpers (= 0.10.6.b)
      padrino-mailer (= 0.10.6.b)
    padrino-admin (0.10.6.b)
      padrino-core (= 0.10.6.b)
      padrino-helpers (= 0.10.6.b)
    padrino-cache (0.10.6.b)
      padrino-core (= 0.10.6.b)
    padrino-core (0.10.6.b)
      activesupport (~> 3.2.0)
      http_router (~> 0.10.2)
      sinatra (~> 1.3.1)
      thor (~> 0.14.3)
      tilt (~> 1.3.0)
    padrino-gen (0.10.6.b)
      bundler (~> 1.0)
      padrino-core (= 0.10.6.b)
    padrino-helpers (0.10.6.b)
      i18n (~> 0.6)
      padrino-core (= 0.10.6.b)
    padrino-mailer (0.10.6.b)
      mail (~> 2.3.0)
      padrino-core (= 0.10.6.b)

GIT
  remote: http://github.com/ujifgc/redcarpet.git
  revision: 951bd6d43b37ae8b3303497f8f2a47ba994bba27
  specs:
    redcarpet (2.0.0b5)

GEM
  specs:
    activesupport (3.2.0)
      i18n (~> 0.6)
      multi_json (~> 1.0)
    addressable (2.2.6)
    bcrypt-ruby (3.0.1)
    dm-aggregates (1.2.0)
      dm-core (~> 1.2.0)
    dm-constraints (1.2.0)
      dm-core (~> 1.2.0)
    dm-core (1.2.0)
      addressable (~> 2.2.6)
    dm-migrations (1.2.0)
      dm-core (~> 1.2.0)
    dm-timestamps (1.2.0)
      dm-core (~> 1.2.0)
    dm-types (1.2.1)
      bcrypt-ruby (~> 3.0.0)
      dm-core (~> 1.2.0)
      fastercsv (~> 1.5.4)
      json (~> 1.6.1)
      multi_json (~> 1.0.3)
      stringex (~> 1.3.0)
      uuidtools (~> 2.1.2)
    dm-validations (1.2.0)
      dm-core (~> 1.2.0)
    fastercsv (1.5.4)
    haml (3.1.4)
    hike (1.2.1)
    hiredis (0.4.4)
    http_router (0.10.2)
      rack (>= 1.0.0)
      url_mount (~> 0.2.1)
    i18n (0.6.0)
    json (1.6.5)
    mail (2.3.0)
      i18n (>= 0.4.0)
      mime-types (~> 1.16)
      treetop (~> 1.4.8)
    mime-types (1.17.2)
    multi_json (1.0.4)
    padrino-sprockets (0.0.1)
      sprockets
    polyglot (0.3.3)
    rack (1.4.1)
    rack-protection (1.2.0)
      rack
    rake (0.9.2.2)
    redis (2.2.2)
    sinatra (1.3.2)
      rack (~> 1.3, >= 1.3.6)
      rack-protection (~> 1.2)
      tilt (~> 1.3, >= 1.3.3)
    sinatra-flash (0.3.0)
      sinatra (>= 1.0.0)
    sprockets (2.3.0)
      hike (~> 1.2)
      multi_json (~> 1.0)
      rack (~> 1.0)
      tilt (~> 1.1, != 1.3.0)
    stringex (1.3.0)
    thor (0.14.6)
    tilt (1.3.3)
    treetop (1.4.10)
      polyglot
      polyglot (>= 0.3.1)
    url_mount (0.2.1)
      rack
    uuidtools (2.1.2)

PLATFORMS
  ruby

DEPENDENCIES
  bcrypt-ruby
  dm-aggregates
  dm-constraints
  dm-core (= 1.2.0)
  dm-migrations
  dm-redis-adapter!
  dm-timestamps
  dm-types
  dm-validations
  haml
  hiredis
  padrino!
  padrino-sprockets
  rake
  redcarpet!
  redis
  sinatra-flash
  sprockets
