GIT
  remote: http://github.com/jnicklas/carrierwave.git
  revision: d91ad986f3a8579e62290be3e6974c5c070b1791
  specs:
    carrierwave (0.6.2)
      activemodel (>= 3.2.0)
      activesupport (>= 3.2.0)

GIT
  remote: http://github.com/ujifgc/carrierwave-datamapper.git
  revision: f140a5eb81f50ff6197a96c481e334a9600e806c
  specs:
    carrierwave-datamapper (0.2.0)
      carrierwave
      dm-core (~> 1.1)

GIT
  remote: http://github.com/ujifgc/padrino-framework.git
  revision: 8c360759066f80f6494adcc338f4685ca3a41b0a
  specs:
    padrino (0.10.6)
      padrino-admin (= 0.10.6)
      padrino-cache (= 0.10.6)
      padrino-core (= 0.10.6)
      padrino-gen (= 0.10.6)
      padrino-helpers (= 0.10.6)
      padrino-mailer (= 0.10.6)
    padrino-admin (0.10.6)
      padrino-core (= 0.10.6)
      padrino-helpers (= 0.10.6)
    padrino-cache (0.10.6)
      padrino-core (= 0.10.6)
    padrino-core (0.10.6)
      activesupport (~> 3.2.0)
      http_router (~> 0.10.2)
      sinatra (~> 1.3.1)
      thor (~> 0.14.3)
      tilt (~> 1.3.0)
    padrino-gen (0.10.6)
      bundler (~> 1.0)
      padrino-core (= 0.10.6)
    padrino-helpers (0.10.6)
      i18n (~> 0.6)
      padrino-core (= 0.10.6)
    padrino-mailer (0.10.6)
      mail (~> 2.3.0)
      padrino-core (= 0.10.6)

GIT
  remote: http://github.com/ujifgc/rack-datamapper-session.git
  revision: 3053c97f0bb5b39c34ed737ddcee53dfcc5ce110
  specs:
    rack-datamapper-session (0.4)
      dm-core (>= 0.9.10)
      rack (>= 1.3)

GIT
  remote: http://github.com/ujifgc/redcarpet.git
  revision: c8318749308b488e6e7c7d332b7430e70e04e2c7
  specs:
    redcarpet (2.1.1)

GEM
  remote: http://rubygems.org/
  specs:
    activemodel (3.2.3)
      activesupport (= 3.2.3)
      builder (~> 3.0.0)
    activesupport (3.2.3)
      i18n (~> 0.6)
      multi_json (~> 1.0)
    addressable (2.2.8)
    bcrypt-ruby (3.0.1)
    builder (3.0.0)
    data_objects (0.10.8)
      addressable (~> 2.1)
    dm-aggregates (1.2.0)
      dm-core (~> 1.2.0)
    dm-constraints (1.2.0)
      dm-core (~> 1.2.0)
    dm-core (1.2.0)
      addressable (~> 2.2.6)
    dm-do-adapter (1.2.0)
      data_objects (~> 0.10.6)
      dm-core (~> 1.2.0)
    dm-migrations (1.2.0)
      dm-core (~> 1.2.0)
    dm-mysql-adapter (1.2.0)
      dm-do-adapter (~> 1.2.0)
      do_mysql (~> 0.10.6)
    dm-timestamps (1.2.0)
      dm-core (~> 1.2.0)
    dm-types (1.2.1)
      bcrypt-ruby (~> 3.0.0)
      dm-core (~> 1.2.0)
      fastercsv (~> 1.5.4)
      json (~> 1.6.1)
      multi_json (~> 1.0.3)
      stringex (~> 1.3.0)
      uuidtools (~> 2.1.2)
    dm-validations (1.2.0)
      dm-core (~> 1.2.0)
    do_mysql (0.10.8)
      data_objects (= 0.10.8)
    fastercsv (1.5.5)
    haml (3.1.6)
    hashie (1.2.0)
    hike (1.2.1)
    http_router (0.10.2)
      rack (>= 1.0.0)
      url_mount (~> 0.2.1)
    i18n (0.6.0)
    json (1.6.7)
    mail (2.3.3)
      i18n (>= 0.4.0)
      mime-types (~> 1.16)
      treetop (~> 1.4.8)
    mime-types (1.18)
    mini_magick (3.4)
      subexec (~> 0.2.1)
    multi_json (1.0.4)
    nokogiri (1.5.2)
    omniauth (1.1.0)
      hashie (~> 1.2)
      rack
    omniauth-openid (1.0.1)
      omniauth (~> 1.0)
      rack-openid (~> 1.3.1)
    padrino-sprockets (0.0.1)
      sprockets
    polyglot (0.3.3)
    rack (1.4.1)
    rack-openid (1.3.1)
      rack (>= 1.1.0)
      ruby-openid (>= 2.1.8)
    rack-protection (1.2.0)
      rack
    rake (0.9.2.2)
    ruby-openid (2.1.8)
    russian (0.6.0)
      i18n (>= 0.5.0)
    sinatra (1.3.2)
      rack (~> 1.3, >= 1.3.6)
      rack-protection (~> 1.2)
      tilt (~> 1.3, >= 1.3.3)
    sinatra-flash (0.3.0)
      sinatra (>= 1.0.0)
    sprockets (2.4.3)
      hike (~> 1.2)
      multi_json (~> 1.0)
      rack (~> 1.0)
      tilt (~> 1.1, != 1.3.0)
    stringex (1.3.3)
    subexec (0.2.2)
    thor (0.14.6)
    tilt (1.3.3)
    treetop (1.4.10)
      polyglot
      polyglot (>= 0.3.1)
    url_mount (0.2.1)
      rack
    uuidtools (2.1.2)

PLATFORMS
  ruby

DEPENDENCIES
  bcrypt-ruby
  carrierwave!
  carrierwave-datamapper!
  dm-aggregates
  dm-constraints
  dm-core (~> 1.2.0)
  dm-migrations
  dm-mysql-adapter
  dm-timestamps
  dm-types (~> 1.2.0)
  dm-validations
  haml
  mini_magick
  nokogiri
  omniauth
  omniauth-openid
  padrino!
  padrino-sprockets
  rack-datamapper-session!
  rack-openid
  rake
  redcarpet!
  russian
  sinatra-flash
  sprockets
